GIT
  remote: git://github.com/hmans/schnitzelstyle.git
  revision: d52861c8a8dac7002daa3e8ae9df8e3b29b25cb1
  specs:
    schnitzelstyle (0.0.3.dev)
      sass

GIT
  remote: git://github.com/hmans/schreihals.git
  revision: 6eeecc0a77e3d205ded1270f4b379ad90e964b5a
  branch: mongo_pivot
  specs:
    schreihals (0.0.3)
      activesupport (~> 3.2.0)
      bson_ext (~> 1.5)
      coderay
      haml
      i18n
      mongoid (~> 2.4)
      nokogiri
      omniauth
      omniauth-browserid
      rack (~> 1.4.0)
      rack-cache
      rack-codehighlighter
      rake
      redcarpet
      sass
      schnitzelstyle (~> 0.0.2)
      sinatra (~> 1.3.2)
      thor
      tilt (~> 1.3.0)
      wirble

GEM
  remote: https://rubygems.org/
  specs:
    activemodel (3.2.1)
      activesupport (= 3.2.1)
      builder (~> 3.0.0)
    activesupport (3.2.1)
      i18n (~> 0.6)
      multi_json (~> 1.0)
    addressable (2.2.6)
    bson (1.5.2)
    bson_ext (1.5.2)
      bson (= 1.5.2)
    builder (3.0.0)
    coderay (1.0.5)
    daemons (1.1.5)
    eventmachine (0.12.10)
    faraday (0.7.6)
      addressable (~> 2.2)
      multipart-post (~> 1.1)
      rack (~> 1.1)
    haml (3.1.4)
    hashie (1.2.0)
    heroku (2.19.2)
      launchy (>= 0.3.2)
      rest-client (~> 1.6.1)
      rubyzip
      term-ansicolor (~> 1.0.5)
    i18n (0.6.0)
    launchy (2.0.5)
      addressable (~> 2.2.6)
    mime-types (1.17.2)
    mongo (1.5.2)
      bson (= 1.5.2)
    mongoid (2.4.3)
      activemodel (~> 3.1)
      mongo (~> 1.3)
      tzinfo (~> 0.3.22)
    multi_json (1.0.4)
    multipart-post (1.1.4)
    nokogiri (1.5.0)
    omniauth (1.0.2)
      hashie (~> 1.2)
      rack
    omniauth-browserid (0.0.1)
      faraday
      multi_json
      omniauth (~> 1.0)
    rack (1.4.0)
    rack-cache (1.1)
      rack (>= 0.4)
    rack-codehighlighter (0.5.0)
      nokogiri (>= 1.4.1)
      rack (>= 1.0.0)
    rack-protection (1.2.0)
      rack
    rack-rewrite (1.2.1)
    rake (0.9.2.2)
    redcarpet (2.1.0)
    rest-client (1.6.7)
      mime-types (>= 1.16)
    rubyzip (0.9.6.1)
    sass (3.1.15)
    shotgun (0.9)
      rack (>= 1.0)
    sinatra (1.3.2)
      rack (~> 1.3, >= 1.3.6)
      rack-protection (~> 1.2)
      tilt (~> 1.3, >= 1.3.3)
    term-ansicolor (1.0.7)
    thin (1.3.1)
      daemons (>= 1.0.9)
      eventmachine (>= 0.12.6)
      rack (>= 1.0.0)
    thor (0.14.6)
    tilt (1.3.3)
    tzinfo (0.3.31)
    wirble (0.1.3)

PLATFORMS
  ruby

DEPENDENCIES
  heroku
  rack-rewrite (~> 1.2.1)
  schnitzelstyle!
  schreihals!
  shotgun
  thin
