GIT
  remote: git://github.com/hmans/schnitzelstyle.git
  revision: 7776a4948c65920726d4fd69fc26f3c9080a7fa3
  specs:
    schnitzelstyle (0.0.1)
      sass

GIT
  remote: git://github.com/hmans/schreihals.git
  revision: a580859e78cd6166e2949ae465f5e4bb359602ee
  specs:
    schreihals (0.0.3.dev)
      activesupport (~> 3.1.0)
      coderay
      haml
      i18n
      nokogiri
      rack (~> 1.4.0)
      rack-cache
      rack-codehighlighter
      redcarpet
      sass
      schnitzelstyle (>= 0.0.1)
      shotgun
      sinatra (~> 1.3.2)
      thor
      tilt (~> 1.3.0)

GEM
  remote: https://rubygems.org/
  specs:
    activesupport (3.1.3)
      multi_json (~> 1.0)
    coderay (1.0.5)
    daemons (1.1.5)
    eventmachine (0.12.10)
    haml (3.1.4)
    i18n (0.6.0)
    multi_json (1.0.4)
    nokogiri (1.5.0)
    rack (1.4.0)
    rack-cache (1.1)
      rack (>= 0.4)
    rack-codehighlighter (0.5.0)
      nokogiri (>= 1.4.1)
      rack (>= 1.0.0)
    rack-protection (1.2.0)
      rack
    redcarpet (2.0.1)
    sass (3.1.12)
    shotgun (0.9)
      rack (>= 1.0)
    sinatra (1.3.2)
      rack (~> 1.3, >= 1.3.6)
      rack-protection (~> 1.2)
      tilt (~> 1.3, >= 1.3.3)
    thin (1.3.1)
      daemons (>= 1.0.9)
      eventmachine (>= 0.12.6)
      rack (>= 1.0.0)
    thor (0.14.6)
    tilt (1.3.3)

PLATFORMS
  ruby

DEPENDENCIES
  schnitzelstyle!
  schreihals!
  thin
