GIT
  remote: git://github.com/hmans/document_mapper.git
  revision: e8b06eb95f5077875f8f2645dcac0391d54dc8de
  specs:
    document_mapper (0.1.6)
      activemodel (~> 3.1.0)
      activesupport (~> 3.1.0)
      json (~> 1.6.4)
      rake (~> 0.9.0)
      tilt (~> 1.3.0)

GIT
  remote: git://github.com/hmans/schnitzelstyle.git
  revision: 951fae714e29221d2929b7a3ca0c2ccfbc5e9b3d
  specs:
    schnitzelstyle (0.0.1)
      sass

GIT
  remote: git://github.com/hmans/schreihals.git
  revision: 00f8a2267b4407280d18df0a5f83b49666abc42e
  specs:
    schreihals (0.0.3.dev)
      activesupport
      coderay
      document_mapper
      haml
      nokogiri
      rack (~> 1.4.0)
      rack-cache
      rack-codehighlighter
      redcarpet
      sass
      schnitzelstyle (>= 0.0.1)
      shotgun
      sinatra (~> 1.3.2)
      thor

GEM
  remote: https://rubygems.org/
  specs:
    activemodel (3.1.3)
      activesupport (= 3.1.3)
      builder (~> 3.0.0)
      i18n (~> 0.6)
    activesupport (3.1.3)
      multi_json (~> 1.0)
    builder (3.0.0)
    coderay (1.0.5)
    daemons (1.1.5)
    dalli (1.1.4)
    eventmachine (0.12.10)
    haml (3.1.4)
    i18n (0.6.0)
    json (1.6.4)
    multi_json (1.0.4)
    nokogiri (1.5.0)
    rack (1.4.0)
    rack-cache (1.1)
      rack (>= 0.4)
    rack-codehighlighter (0.5.0)
      nokogiri (>= 1.4.1)
      rack (>= 1.0.0)
    rack-protection (1.2.0)
      rack
    rake (0.9.2.2)
    redcarpet (2.0.1)
    sass (3.1.12)
    shotgun (0.9)
      rack (>= 1.0)
    sinatra (1.3.2)
      rack (~> 1.3, >= 1.3.6)
      rack-protection (~> 1.2)
      tilt (~> 1.3, >= 1.3.3)
    thin (1.3.1)
      daemons (>= 1.0.9)
      eventmachine (>= 0.12.6)
      rack (>= 1.0.0)
    thor (0.14.6)
    tilt (1.3.3)

PLATFORMS
  ruby

DEPENDENCIES
  dalli
  document_mapper!
  schnitzelstyle!
  schreihals!
  thin
