GIT
  remote: git://github.com/hmans/document_mapper.git
  revision: aa41b73ef2fe15e6744c6a3a80cf9799d0950c61
  branch: after_load_hook
  specs:
    document_mapper (0.1.6)
      activemodel (~> 3.1.0)
      activesupport (~> 3.1.0)
      rake (~> 0.9.0)
      tilt (~> 1.3.0)

PATH
  remote: vendor/schnitzelstyle
  specs:
    schnitzelstyle (0.0.1)
      sass

PATH
  remote: vendor/schreihals
  specs:
    schreihals (0.0.1)
      activesupport
      coderay
      document_mapper
      haml
      rack-cache
      rack-codehighlighter
      redcarpet
      sass
      shotgun
      sinatra

GEM
  remote: https://rubygems.org/
  specs:
    activemodel (3.1.3)
      activesupport (= 3.1.3)
      builder (~> 3.0.0)
      i18n (~> 0.6)
    activesupport (3.1.3)
      multi_json (~> 1.0)
    builder (3.0.0)
    coderay (1.0.4)
    daemons (1.1.5)
    eventmachine (0.12.10)
    haml (3.1.4)
    i18n (0.6.0)
    multi_json (1.0.4)
    nokogiri (1.5.0)
    rack (1.3.5)
    rack-cache (1.1)
      rack (>= 0.4)
    rack-codehighlighter (0.5.0)
      nokogiri (>= 1.4.1)
      rack (>= 1.0.0)
    rack-protection (1.1.4)
      rack
    rake (0.9.2.2)
    redcarpet (2.0.1)
    sass (3.1.12)
    shotgun (0.9)
      rack (>= 1.0)
    sinatra (1.3.1)
      rack (~> 1.3, >= 1.3.4)
      rack-protection (~> 1.1, >= 1.1.2)
      tilt (~> 1.3, >= 1.3.3)
    thin (1.3.1)
      daemons (>= 1.0.9)
      eventmachine (>= 0.12.6)
      rack (>= 1.0.0)
    tilt (1.3.3)

PLATFORMS
  ruby

DEPENDENCIES
  document_mapper!
  schnitzelstyle!
  schreihals!
  thin
